PATH
  remote: .
  specs:
    sidekiq_workflows (0.2.1)
      activesupport (~> 5.0)
      sidekiq-pro (~> 4.0, >= 4.0.2)

GEM
  remote: https://rubygems.org/
  remote: https://gems.contribsys.com/
  specs:
    activesupport (5.2.1)
      concurrent-ruby (~> 1.0, >= 1.0.2)
      i18n (>= 0.7, < 2)
      minitest (~> 5.1)
      tzinfo (~> 1.1)
    coderay (1.1.2)
    concurrent-ruby (1.0.5)
    connection_pool (2.2.2)
    i18n (1.1.0)
      concurrent-ruby (~> 1.0)
    metaclass (0.0.4)
    method_source (0.9.0)
    minitest (5.11.3)
    mocha (1.7.0)
      metaclass (~> 0.0.1)
    pry (0.11.3)
      coderay (~> 1.1.0)
      method_source (~> 0.9.0)
    rack (2.0.5)
    rack-protection (2.0.3)
      rack
    rake (12.3.1)
    redis (4.0.2)
    sidekiq (5.2.1)
      connection_pool (~> 2.2, >= 2.2.2)
      rack-protection (>= 1.5.0)
      redis (>= 3.3.5, < 5)
    sidekiq-pro (4.0.3)
      concurrent-ruby (>= 1.0.5)
      sidekiq (>= 5.0.5)
    thread_safe (0.3.6)
    tzinfo (1.2.5)
      thread_safe (~> 0.1)

PLATFORMS
  ruby

DEPENDENCIES
  minitest (~> 5.0)
  mocha (~> 1.3)
  pry (~> 0.11.3)
  rake (~> 12.0)
  sidekiq-pro!
  sidekiq_workflows!

BUNDLED WITH
   1.16.1
