PATH
  remote: .
  specs:
    sidekiq_workflows (1.0.0)
      activesupport (>= 4.0)
      sidekiq-pro (>= 5.2.1)

GEM
  remote: https://rubygems.org/
  remote: https://gems.contribsys.com/
  specs:
    activesupport (6.1.3)
      concurrent-ruby (~> 1.0, >= 1.0.2)
      i18n (>= 1.6, < 2)
      minitest (>= 5.1)
      tzinfo (~> 2.0)
      zeitwerk (~> 2.3)
    coderay (1.1.2)
    concurrent-ruby (1.1.8)
    connection_pool (2.2.3)
    i18n (1.8.9)
      concurrent-ruby (~> 1.0)
    metaclass (0.0.4)
    method_source (0.9.0)
    minitest (5.14.4)
    mocha (1.7.0)
      metaclass (~> 0.0.1)
    pry (0.11.3)
      coderay (~> 1.1.0)
      method_source (~> 0.9.0)
    rack (2.2.3)
    rake (12.3.1)
    redis (4.2.5)
    sidekiq (6.1.3)
      connection_pool (>= 2.2.2)
      rack (~> 2.0)
      redis (>= 4.2.0)
    sidekiq-pro (5.2.1)
      connection_pool (>= 2.2.3)
      sidekiq (>= 6.1.0)
    tzinfo (2.0.4)
      concurrent-ruby (~> 1.0)
    zeitwerk (2.4.2)

PLATFORMS
  ruby

DEPENDENCIES
  minitest (~> 5.0)
  mocha (~> 1.3)
  pry (~> 0.11.3)
  rake (~> 12.0)
  sidekiq-pro!
  sidekiq_workflows!

BUNDLED WITH
   2.1.4
